GEM
  remote: http://rubygems.org/
  specs:
    ruby-ole (1.2.11.1)
    spreadsheet (0.6.5.8)
      ruby-ole (>= 1.0)

PLATFORMS
  ruby

DEPENDENCIES
  spreadsheet
